GIT
  remote: git://github.com/nixme/jazz_hands.git
  revision: 5e4b48f145883ecb14b55bf04eacc28ac9662676
  branch: bring-your-own-debugger
  specs:
    jazz_hands (0.5.2)
      awesome_print (~> 1.2)
      coolline (>= 0.4.2)
      hirb (~> 0.7.1)
      pry (~> 0.9.12)
      pry-doc (~> 0.4.6)
      pry-git (~> 0.2.3)
      pry-rails (~> 0.3.2)
      pry-remote (>= 0.1.7)
      pry-stack_explorer (~> 0.4.9)
      railties (>= 3.0, < 5.0)

GIT
  remote: https://github.com/stripe/stripe-ruby
  revision: fd09e677311d7d78a02af9b6c7f61b3a2c3b752d
  specs:
    stripe (1.8.4)
      multi_json (>= 1.0.4, < 2)
      rest-client (~> 1.4)

GEM
  remote: https://rubygems.org/
  specs:
    actionmailer (3.2.17)
      actionpack (= 3.2.17)
      mail (~> 2.5.4)
    actionpack (3.2.17)
      activemodel (= 3.2.17)
      activesupport (= 3.2.17)
      builder (~> 3.0.0)
      erubis (~> 2.7.0)
      journey (~> 1.0.4)
      rack (~> 1.4.5)
      rack-cache (~> 1.2)
      rack-test (~> 0.6.1)
      sprockets (~> 2.2.1)
    active_model_serializers (0.8.1)
      activemodel (>= 3.0)
    activemodel (3.2.17)
      activesupport (= 3.2.17)
      builder (~> 3.0.0)
    activerecord (3.2.17)
      activemodel (= 3.2.17)
      activesupport (= 3.2.17)
      arel (~> 3.0.2)
      tzinfo (~> 0.3.29)
    activeresource (3.2.17)
      activemodel (= 3.2.17)
      activesupport (= 3.2.17)
    activesupport (3.2.17)
      i18n (~> 0.6, >= 0.6.4)
      multi_json (~> 1.0)
    airbrake (3.1.8)
      activesupport
      builder
      json
    arel (3.0.3)
    awesome_print (1.2.0)
    aws-sdk (1.11.3)
      json (~> 1.4)
      nokogiri (< 1.6.0)
      uuidtools (~> 2.1)
    bcrypt (3.1.7)
    bcrypt-ruby (3.1.5)
      bcrypt (>= 3.1.3)
    binding_of_caller (0.7.2)
      debug_inspector (>= 0.0.1)
    builder (3.0.4)
    byebug (2.6.0)
      columnize (~> 0.3)
      debugger-linecache (~> 1.2)
    capistrano (2.14.2)
      highline
      net-scp (>= 1.0.0)
      net-sftp (>= 2.0.0)
      net-ssh (>= 2.0.14)
      net-ssh-gateway (>= 1.1.0)
    capistrano-ext (1.2.1)
      capistrano (>= 1.0.0)
    celluloid (0.12.4)
      facter (>= 1.6.12)
      timers (>= 1.0.0)
    coderay (1.1.0)
    columnize (0.3.6)
    connection_pool (1.2.0)
    coolline (0.4.3)
    debug_inspector (0.0.2)
    debugger-linecache (1.2.0)
    devise (2.2.8)
      bcrypt-ruby (~> 3.0)
      orm_adapter (~> 0.1)
      railties (~> 3.1)
      warden (~> 1.2.1)
    diff-lcs (1.2.5)
    diffy (3.0.1)
    digital_ocean (0.2.0)
      faraday (~> 0.8.4)
      faraday_middleware
      json
      rash
    erubis (2.7.0)
    excon (0.25.3)
    facter (1.7.5)
    faker (1.1.2)
      i18n (~> 0.5)
    faraday (0.8.6)
      multipart-post (~> 1.1)
    faraday_middleware (0.9.0)
      faraday (>= 0.7.4, < 0.9)
    ffi (1.4.0)
    ffi-uuid (0.1.3)
      ffi (>= 0.6.3)
    fog (1.15.0)
      builder
      excon (~> 0.25.0)
      formatador (~> 0.2.0)
      mime-types
      multi_json (~> 1.0)
      net-scp (~> 1.1)
      net-ssh (>= 2.1.3)
      nokogiri (~> 1.5)
      ruby-hmac
    foreman (0.61.0)
      thor (>= 0.13.6)
    formatador (0.2.4)
    grit (2.5.0)
      diff-lcs (~> 1.1)
      mime-types (~> 1.15)
      posix-spawn (~> 0.3.6)
    guard (1.8.3)
      formatador (>= 0.2.4)
      listen (~> 1.3)
      lumberjack (>= 1.0.2)
      pry (>= 0.9.10)
      thor (>= 0.14.6)
    guard-minitest (1.3.1)
      guard (>= 1.8)
      minitest (>= 2.1)
    hashie (2.0.3)
    highline (1.6.16)
    hike (1.2.3)
    hirb (0.7.1)
    hitimes (1.2.1)
    i18n (0.6.9)
    journey (1.0.4)
    json (1.8.1)
    listen (1.3.1)
      rb-fsevent (>= 0.9.3)
      rb-inotify (>= 0.9)
      rb-kqueue (>= 0.2)
    lumberjack (1.0.4)
    m (1.3.2)
      method_source (>= 0.6.7)
      rake (>= 0.9.2.2)
    mail (2.5.4)
      mime-types (~> 1.16)
      treetop (~> 1.4.8)
    map (6.2.0)
    metaclass (0.0.1)
    method_source (0.8.2)
    mime-types (1.25.1)
    minitest (4.7.0)
    minitest-rails (0.5)
      minitest (~> 4.0)
      rails (>= 3.0)
    mocha (0.13.2)
      metaclass (~> 0.0.1)
    mongoid (3.1.2)
      activemodel (~> 3.2)
      moped (~> 1.4.2)
      origin (~> 1.0)
      tzinfo (~> 0.3.22)
    mongoid_rails_migrations (1.0.1)
      activesupport (>= 3.2.0)
      bundler (>= 1.0.0)
      rails (>= 3.2.0)
      railties (>= 3.2.0)
    moped (1.4.5)
    multi_json (1.5.0)
    multipart-post (1.2.0)
    mysql2 (0.3.13)
    net-scp (1.1.0)
      net-ssh (>= 2.6.5)
    net-sftp (2.1.1)
      net-ssh (>= 2.6.5)
    net-ssh (2.6.6)
    net-ssh-gateway (1.2.0)
      net-ssh (>= 2.6.5)
    nokogiri (1.5.10)
    oj (2.0.0)
    origin (1.0.11)
    orm_adapter (0.5.0)
    pg (0.15.1)
    polyglot (0.3.4)
    posix-spawn (0.3.8)
    pry (0.9.12.6)
      coderay (~> 1.0)
      method_source (~> 0.8)
      slop (~> 3.4)
    pry-byebug (1.3.1)
      byebug (~> 2.6)
      pry (~> 0.9.12)
    pry-doc (0.4.6)
      pry (>= 0.9)
      yard (>= 0.8)
    pry-git (0.2.3)
      diffy
      grit
      pry (>= 0.9.8)
    pry-rails (0.3.2)
      pry (>= 0.9.10)
    pry-remote (0.1.8)
      pry (~> 0.9)
      slop (~> 3.0)
    pry-stack_explorer (0.4.9.1)
      binding_of_caller (>= 0.7)
      pry (>= 0.9.11)
    rack (1.4.5)
    rack-cache (1.2)
      rack (>= 0.4)
    rack-cors (0.2.9)
    rack-protection (1.5.0)
      rack
    rack-ssl (1.3.3)
      rack
    rack-test (0.6.2)
      rack (>= 1.0)
    rails (3.2.17)
      actionmailer (= 3.2.17)
      actionpack (= 3.2.17)
      activerecord (= 3.2.17)
      activeresource (= 3.2.17)
      activesupport (= 3.2.17)
      bundler (~> 1.0)
      railties (= 3.2.17)
    rails-api (0.2.0)
      actionpack (>= 3.2.11)
      railties (>= 3.2.11)
    railties (3.2.17)
      actionpack (= 3.2.17)
      activesupport (= 3.2.17)
      rack-ssl (~> 1.3.2)
      rake (>= 0.8.7)
      rdoc (~> 3.4)
      thor (>= 0.14.6, < 2.0)
    rake (10.1.1)
    rash (0.4.0)
      hashie (~> 2.0.0)
    rb-fsevent (0.9.4)
    rb-inotify (0.9.3)
      ffi (>= 0.5.0)
    rb-kqueue (0.2.0)
      ffi (>= 0.5.0)
    rdoc (3.12.2)
      json (~> 1.4)
    redis (3.0.7)
    redis-namespace (1.4.1)
      redis (~> 3.0.4)
    rest-client (1.6.7)
      mime-types (>= 1.16)
    ruby-hmac (0.4.0)
    rvm-capistrano (1.2.7)
      capistrano (>= 2.0.0)
    sidekiq (2.8.0)
      celluloid (~> 0.12.0)
      connection_pool (~> 1.0)
      multi_json (~> 1)
      redis (~> 3)
      redis-namespace
    sinatra (1.4.3)
      rack (~> 1.4)
      rack-protection (~> 1.4)
      tilt (~> 1.3, >= 1.3.4)
    slim (2.0.0)
      temple (~> 0.6.5)
      tilt (~> 1.3, >= 1.3.3)
    slop (3.4.7)
    sprockets (2.2.2)
      hike (~> 1.2)
      multi_json (~> 1.0)
      rack (~> 1.0)
      tilt (~> 1.1, != 1.3.0)
    state_machine (1.1.2)
    strong_parameters (0.2.0)
      actionpack (~> 3.0)
      activemodel (~> 3.0)
      railties (~> 3.0)
    systemu (2.5.2)
    temple (0.6.5)
    thor (0.18.1)
    tilt (1.4.1)
    timers (2.0.0)
      hitimes
    treetop (1.4.15)
      polyglot
      polyglot (>= 0.3.1)
    tzinfo (0.3.38)
    uuidtools (2.1.4)
    warden (1.2.3)
      rack (>= 1.0)
    yard (0.8.7.3)

PLATFORMS
  ruby

DEPENDENCIES
  active_model_serializers (= 0.8.1)
  airbrake (= 3.1.8)
  aws-sdk (= 1.11.3)
  capistrano (= 2.14.2)
  capistrano-ext (= 1.2.1)
  devise (= 2.2.8)
  digital_ocean (= 0.2.0)
  faker (= 1.1.2)
  ffi-uuid (= 0.1.3)
  fog (= 1.15.0)
  foreman (= 0.61.0)
  guard-minitest
  jazz_hands!
  m
  map (= 6.2.0)
  minitest
  minitest-rails
  mocha (= 0.13.2)
  mongoid (= 3.1.2)
  mongoid_rails_migrations (= 1.0.1)
  multi_json (= 1.5.0)
  mysql2 (= 0.3.13)
  oj (= 2.0.0)
  pg (= 0.15.1)
  pry-byebug
  rack-cors (= 0.2.9)
  rails (= 3.2.17)
  rails-api (= 0.2.0)
  rvm-capistrano (= 1.2.7)
  sidekiq (= 2.8.0)
  sinatra (= 1.4.3)
  slim (= 2.0.0)
  state_machine (= 1.1.2)
  stripe!
  strong_parameters (= 0.2.0)
  systemu (= 2.5.2)
